FRAMEWORK: >= NET461
NUGET
  remote: https://www.nuget.org/api/v2
  specs:
    Akka (1.0.5)
      Newtonsoft.Json (>= 7.0.1)
    Akka.DI.Core (1.0.5)
      Akka (>= 1.0.5)
    CommonServiceLocator (1.3)
    log4net (2.0.5)
    Newtonsoft.Json (8.0.3)
    OxyPlot.Core (1.0.0-unstable2100)
    OxyPlot.Wpf (1.0.0-unstable2100)
      OxyPlot.Core (1.0.0-unstable2100)
    Prism.Core (6.1)
    Prism.Unity (6.1.1)
      CommonServiceLocator (>= 1.3)
      Prism.Wpf (>= 6.1)
      Unity (>= 4.0.1)
    Prism.Wpf (6.1)
      CommonServiceLocator (>= 1.3)
      Prism.Core (>= 6.1)
    Unity (4.0.1)
      CommonServiceLocator (>= 1.3)
