FRAMEWORK: >= NET461
NUGET
  remote: https://www.nuget.org/api/v2
  specs:
    Akka (1.0.5)
      Newtonsoft.Json (>= 7.0.1)
    Akka.DI.Core (1.0.5)
      Akka (>= 1.0.5)
    CommonServiceLocator (1.3.0)
    log4net (2.0.5)
    Newtonsoft.Json (7.0.1)
    OxyPlot.Core (1.0.0-unstable1904)
    OxyPlot.Wpf (1.0.0-unstable1904)
      OxyPlot.Core (1.0.0-unstable1904)
    Prism.Core (6.1.0)
    Prism.Unity (6.1.1)
      CommonServiceLocator (>= 1.3.0)
      Prism.Windows (>= 6.0.1)
      Prism.Wpf (>= 6.1.0)
      System.Diagnostics.Debug (>= 4.0.10)
      System.Globalization (>= 4.0.10)
      System.Runtime (>= 4.0.20)
      System.Threading.Tasks (>= 4.0.10)
      Unity (>= 4.0.1)
    Prism.Windows (6.0.1)
      CommonServiceLocator (>= 1.3.0)
      Prism.Core (>= 6.1.0)
      System.Collections (>= 4.0.10)
      System.ComponentModel (>= 4.0.0)
      System.ComponentModel.Annotations (>= 4.0.10)
      System.Diagnostics.Debug (>= 4.0.10)
      System.Globalization (>= 4.0.10)
      System.IO (>= 4.0.10)
      System.Linq (>= 4.0.0)
      System.ObjectModel (>= 4.0.10)
      System.Reflection (>= 4.0.10)
      System.Reflection.Extensions (>= 4.0.0)
      System.Runtime (>= 4.0.20)
      System.Runtime.InteropServices.WindowsRuntime (>= 4.0.0)
      System.Runtime.Serialization.Xml (>= 4.0.10)
      System.Runtime.WindowsRuntime (>= 4.0.10)
      System.Threading (>= 4.0.10)
      System.Threading.Tasks (>= 4.0.10)
      System.Xml.XDocument (>= 4.0.10)
    Prism.Wpf (6.1.0)
      CommonServiceLocator (>= 1.3)
      Prism.Core (>= 6.1.0)
    System.Collections (4.0.10)
    System.ComponentModel (4.0.0)
    System.ComponentModel.Annotations (4.0.10)
    System.Diagnostics.Debug (4.0.10)
    System.Globalization (4.0.10)
    System.IO (4.0.10)
    System.Linq (4.0.0)
    System.ObjectModel (4.0.10)
    System.Reflection (4.0.10)
    System.Reflection.Extensions (4.0.0)
    System.Runtime (4.0.20)
    System.Runtime.InteropServices.WindowsRuntime (4.0.0)
    System.Runtime.Serialization.Xml (4.0.10)
    System.Runtime.WindowsRuntime (4.0.10)
    System.Threading (4.0.10)
    System.Threading.Tasks (4.0.10)
    System.Xml.XDocument (4.0.10)
    Unity (4.0.1)
      CommonServiceLocator (>= 1.3.0)
